GEM
  remote: https://rubygems.org/
  specs:
    parallel (1.12.1)

PLATFORMS
  ruby
  x64-mingw32

DEPENDENCIES
  parallel

BUNDLED WITH
   1.16.1
