GEM
  remote: https://rubygems.org/
  specs:
    jwt (2.1.0)

PLATFORMS
  ruby
  x64-mingw32

DEPENDENCIES
  jwt

BUNDLED WITH
   1.16.4
